GEM
  remote: http://rubygems.org/
  specs:
    builder (3.0.0)
    hoe (2.9.4)
      rake (>= 0.8.7)
    rake (0.8.7)
    rawr (1.4.5)
      rubyzip
      user-choices
    rubyzip (0.9.4)
    s4t-utils (1.0.4)
      hoe (>= 1.3.0)
    user-choices (1.1.6.1)
      builder (>= 2.1.2)
      s4t-utils (>= 1.0.3)
      xml-simple (>= 1.0.11)
    xml-simple (1.0.15)

PLATFORMS
  java
  ruby

DEPENDENCIES
  rawr
